GIT
  remote: git://github.com/frab/formtastic-bootstrap.git
  revision: 8c18bf28d511a6846837a17bc59306304055c5f3
  specs:
    formtastic-bootstrap (1.2.0)
      formtastic
      rails (>= 3.1.0)

GIT
  remote: git://github.com/frab/localized_language_select.git
  revision: 12aba5fb945cf50ea3919b3ae774d9205a6cfcc4
  specs:
    localized_language_select (0.2.0)
      rails (>= 2.3.5)
      rails (>= 2.3.5)

GIT
  remote: git://github.com/frab/twitter-bootstrap-rails.git
  revision: 5e62b21c8f258010af7f5bc858b89a24f16936a9
  ref: 5e62b21c8f258010af7f5bc858b89a24f16936a9
  specs:
    twitter-bootstrap-rails (1.4.0)
      actionpack
      railties

GEM
  remote: http://rubygems.org/
  specs:
    Ascii85 (1.0.2)
    actionmailer (3.2.13)
      actionpack (= 3.2.13)
      mail (~> 2.5.3)
    actionpack (3.2.13)
      activemodel (= 3.2.13)
      activesupport (= 3.2.13)
      builder (~> 3.0.0)
      erubis (~> 2.7.0)
      journey (~> 1.0.4)
      rack (~> 1.4.5)
      rack-cache (~> 1.2)
      rack-test (~> 0.6.1)
      sprockets (~> 2.2.1)
    activemodel (3.2.13)
      activesupport (= 3.2.13)
      builder (~> 3.0.0)
    activerecord (3.2.13)
      activemodel (= 3.2.13)
      activesupport (= 3.2.13)
      arel (~> 3.0.2)
      tzinfo (~> 0.3.29)
    activeresource (3.2.13)
      activemodel (= 3.2.13)
      activesupport (= 3.2.13)
    activesupport (3.2.13)
      i18n (= 0.6.1)
      multi_json (~> 1.0)
    acts_as_commentable (4.0.0)
    acts_as_indexed (0.8.2)
    afm (0.2.0)
    ansi (1.4.3)
    archive-tar-minitar (0.5.2)
    arel (3.0.2)
    barista (1.3.0)
      coffee-script (~> 2.2)
    bcrypt-ruby (3.0.1)
    builder (3.0.4)
    bullet (4.4.0)
      uniform_notifier
    cancan (1.6.9)
    climate_control (0.0.3)
      activesupport (>= 3.0)
    cocaine (0.5.1)
      climate_control (>= 0.0.3, < 1.0)
    cocoon (1.1.2)
    coderay (1.0.9)
    coffee-rails (3.2.2)
      coffee-script (>= 2.2.0)
      railties (~> 3.2.0)
    coffee-script (2.2.0)
      coffee-script-source
      execjs
    coffee-script-source (1.6.2)
    columnize (0.3.6)
    erubis (2.7.0)
    execjs (1.4.0)
      multi_json (~> 1.0)
    factory_girl (2.1.2)
      activesupport
    factory_girl_rails (1.2.0)
      factory_girl (~> 2.1.0)
      railties (>= 3.0.0)
    formtastic (2.1.1)
      actionpack (~> 3.0)
    gravatar-ultimate (1.0.3)
    haml (4.0.1)
      tilt
    hashery (2.1.0)
    hike (1.2.1)
    hpricot (0.8.6)
    i18n (0.6.1)
    journey (1.0.4)
    jquery-rails (1.0.19)
      railties (~> 3.0)
      thor (~> 0.14)
    json (1.7.7)
    linecache (0.46)
      rbx-require-relative (> 0.0.4)
    linecache19 (0.5.12)
      ruby_core_source (>= 0.1.4)
    mail (2.5.3)
      i18n (>= 0.4.0)
      mime-types (~> 1.16)
      treetop (~> 1.4.8)
    method_source (0.8.1)
    mime-types (1.21)
    minitest (4.7.0)
    multi_json (1.7.2)
    mysql2 (0.3.11)
    nokogiri (1.5.9)
    paper_trail (2.3.3)
      rails (~> 3)
    paperclip (2.8.0)
      activerecord (>= 2.3.0)
      activesupport (>= 2.3.2)
      cocaine (>= 0.0.2)
      mime-types
    pdf-reader (1.3.2)
      Ascii85 (~> 1.0.0)
      afm (~> 0.2.0)
      hashery (~> 2.0)
      ruby-rc4
      ttfunk
    pg (0.14.1)
    polyamorous (0.5.0)
      activerecord (~> 3.0)
    polyglot (0.3.3)
    prawn (0.12.0)
      pdf-reader (>= 0.9.0)
      ttfunk (~> 1.0.2)
    prawn_rails (0.0.11)
      prawn (>= 0.11.1)
      railties (>= 3.0.0)
    pry (0.9.12)
      coderay (~> 1.0.5)
      method_source (~> 0.8)
      slop (~> 3.4)
    pry-rails (0.2.2)
      pry (>= 0.9.10)
    rack (1.4.5)
    rack-cache (1.2)
      rack (>= 0.4)
    rack-ssl (1.3.3)
      rack
    rack-test (0.6.2)
      rack (>= 1.0)
    rails (3.2.13)
      actionmailer (= 3.2.13)
      actionpack (= 3.2.13)
      activerecord (= 3.2.13)
      activeresource (= 3.2.13)
      activesupport (= 3.2.13)
      bundler (~> 1.0)
      railties (= 3.2.13)
    railties (3.2.13)
      actionpack (= 3.2.13)
      activesupport (= 3.2.13)
      rack-ssl (~> 1.3.2)
      rake (>= 0.8.7)
      rdoc (~> 3.4)
      thor (>= 0.14.6, < 2.0)
    rake (10.0.3)
    ransack (0.7.2)
      actionpack (~> 3.0)
      activerecord (~> 3.0)
      polyamorous (~> 0.5.0)
    rbx-require-relative (0.0.9)
    rdoc (3.12.2)
      json (~> 1.4)
    ri_cal (0.8.8)
    ruby-debug (0.10.4)
      columnize (>= 0.1)
      ruby-debug-base (~> 0.10.4.0)
    ruby-debug-base (0.10.4)
      linecache (>= 0.3)
    ruby-debug-base19 (0.11.25)
      columnize (>= 0.3.1)
      linecache19 (>= 0.5.11)
      ruby_core_source (>= 0.1.4)
    ruby-debug19 (0.11.6)
      columnize (>= 0.3.1)
      linecache19 (>= 0.5.11)
      ruby-debug-base19 (>= 0.11.19)
    ruby-rc4 (0.1.5)
    ruby_core_source (0.1.5)
      archive-tar-minitar (>= 0.5.2)
    sass (3.2.7)
    sass-rails (3.2.6)
      railties (~> 3.2.0)
      sass (>= 3.1.10)
      tilt (~> 1.3)
    settingslogic (2.0.9)
    shotgun (0.9)
      rack (>= 1.0)
    slop (3.4.4)
    sprockets (2.2.2)
      hike (~> 1.2)
      multi_json (~> 1.0)
      rack (~> 1.0)
      tilt (~> 1.1, != 1.3.0)
    sqlite3 (1.3.7)
    thor (0.17.0)
    tilt (1.3.6)
    transitions (0.1.8)
    treetop (1.4.12)
      polyglot
      polyglot (>= 0.3.1)
    ttfunk (1.0.3)
    turn (0.9.6)
      ansi
    tzinfo (0.3.37)
    uglifier (1.3.0)
      execjs (>= 0.3.0)
      multi_json (~> 1.0, >= 1.0.2)
    uniform_notifier (1.2.0)
    will_paginate (3.0.4)
    yaml_db (0.2.3)

PLATFORMS
  ruby

DEPENDENCIES
  acts_as_commentable
  acts_as_indexed
  barista
  bcrypt-ruby
  bullet
  cancan
  cocoon
  coffee-rails (~> 3.2.0)
  factory_girl_rails (~> 1.2.0)
  formtastic (~> 2.1.0)
  formtastic-bootstrap!
  gravatar-ultimate
  haml
  hpricot
  jquery-rails (~> 1.0.19)
  json
  localized_language_select (= 0.2.0)!
  minitest
  mysql2
  nokogiri
  paper_trail (= 2.3.3)
  paperclip (< 3.0)
  pg
  prawn
  prawn_rails
  pry-rails
  rails (~> 3.2.13)
  ransack
  ri_cal
  ruby-debug
  ruby-debug19
  sass-rails (~> 3.2.0)
  settingslogic
  shotgun
  sqlite3
  transitions
  turn
  twitter-bootstrap-rails!
  uglifier
  will_paginate
  yaml_db
